GEM
  remote: http://rubygems.org/
  specs:
    git (1.2.6)
    jeweler (1.6.4)
      bundler (~> 1.0)
      git (>= 1.2.5)
      rake
    mini_portile2 (2.1.0)
    nokogiri (1.7.1)
      mini_portile2 (~> 2.1.0)
    rake (10.1.1)

PLATFORMS
  ruby

DEPENDENCIES
  bundler (~> 1.14.6)
  jeweler (~> 1.6.3)
  nokogiri (~> 1.7.1)

BUNDLED WITH
   1.14.6
