GEM
  remote: http://rubygems.org/
  specs:
    git (1.2.6)
    jeweler (1.6.4)
      bundler (~> 1.0)
      git (>= 1.2.5)
      rake
    mini_portile (0.5.2)
    nokogiri (1.6.1)
      mini_portile (~> 0.5.0)
    rake (10.1.1)

PLATFORMS
  ruby

DEPENDENCIES
  bundler (~> 1.5.1)
  jeweler (~> 1.6.3)
  nokogiri (~> 1.6.0)
